GEM
  remote: http://rubygems.org/
  specs:
    activesupport (3.0.9)
    builder (3.0.0)
    crack (0.1.6)
    git (1.2.5)
    httparty (0.5.2)
      crack (= 0.1.6)
    i18n (0.6.0)
    jeweler (1.6.0)
      bundler (~> 1.0.0)
      git (>= 1.2.5)
      rake
    mocha (0.9.12)
    nokogiri (1.5.0)
    rake (0.8.7)
    rcov (0.9.9)
    shoulda (2.11.3)

PLATFORMS
  x86-mingw32

DEPENDENCIES
  activesupport (>= 2.3.5)
  builder (>= 3.0.0)
  bundler (~> 1.0.0)
  httparty (>= 0.4.4)
  i18n (>= 0.6.0)
  jeweler (~> 1.6.0)
  mocha
  nokogiri
  rcov
  shoulda
